GEM
  remote: http://rubygems.org/
  specs:
    coderay (0.9.8)
    colored (1.2)
    eventmachine (0.12.10)
    json (1.6.5)
    method_source (0.6.7)
      ruby_parser (>= 2.3.1)
    midiator (0.5.1)
    pry (0.9.7.4)
      coderay (~> 0.9.8)
      method_source (~> 0.6.7)
      ruby_parser (>= 2.3.1)
      slop (~> 2.1.0)
    ruby_parser (2.3.1)
      sexp_processor (~> 3.0)
    sexp_processor (3.0.8)
    slop (2.1.0)

PLATFORMS
  ruby

DEPENDENCIES
  colored
  eventmachine
  json
  midiator
  pry
