GEM
  remote: http://rubygems.org/
  specs:
    bond (0.4.1)
    coderay (0.9.8)
    colored (1.2)
    diff-lcs (1.1.3)
    eventmachine (0.12.10)
    ffi (1.0.11)
    json (1.6.5)
    method_source (0.6.7)
      ruby_parser (>= 2.3.1)
    midiator (0.5.1)
    pry (0.9.7.4)
      coderay (~> 0.9.8)
      method_source (~> 0.6.7)
      ruby_parser (>= 2.3.1)
      slop (~> 2.1.0)
    ripl (0.6.3)
      bond (~> 0.4.0)
    ripl-readline-em (0.2.1)
      eventmachine
      ffi
      ripl (>= 0.4.2)
    rspec (2.8.0)
      rspec-core (~> 2.8.0)
      rspec-expectations (~> 2.8.0)
      rspec-mocks (~> 2.8.0)
    rspec-core (2.8.0)
    rspec-expectations (2.8.0)
      diff-lcs (~> 1.1.2)
    rspec-mocks (2.8.0)
    ruby_parser (2.3.1)
      sexp_processor (~> 3.0)
    sexp_processor (3.0.8)
    slop (2.1.0)

PLATFORMS
  ruby

DEPENDENCIES
  colored
  eventmachine
  json
  midiator
  pry
  ripl-readline-em
  rspec
