GEM
  remote: http://rubygems.org/
  specs:
    alsa-rawmidi (0.2.14)
      ffi (>= 1.0)
    coderay (0.9.8)
    colored (1.2)
    diff-lcs (1.1.3)
    eventmachine (0.12.10)
    ffi (1.0.11)
    ffi-coremidi (0.1.7)
      ffi (>= 1.0)
    json (1.6.5)
    method_source (0.6.7)
      ruby_parser (>= 2.3.1)
    midi-jruby (0.0.12)
    midi-winmm (0.1.10)
      ffi (>= 1.0)
    pry (0.9.7.4)
      coderay (~> 0.9.8)
      method_source (~> 0.6.7)
      ruby_parser (>= 2.3.1)
      slop (~> 2.1.0)
    rake (0.9.2.2)
    rspec (2.8.0)
      rspec-core (~> 2.8.0)
      rspec-expectations (~> 2.8.0)
      rspec-mocks (~> 2.8.0)
    rspec-core (2.8.0)
    rspec-expectations (2.8.0)
      diff-lcs (~> 1.1.2)
    rspec-mocks (2.8.0)
    ruby_cowsay (0.1.0)
    ruby_parser (2.3.1)
      sexp_processor (~> 3.0)
    sexp_processor (3.0.8)
    slop (2.1.0)
    unimidi (0.3.3)
      ffi-coremidi

PLATFORMS
  ruby

DEPENDENCIES
  alsa-rawmidi
  colored
  eventmachine
  json
  midi-jruby
  midi-winmm
  pry
  rake
  rspec
  ruby_cowsay
  unimidi
